GEM
  remote: https://rubygems.org/
  specs:
    activesupport (5.2.1)
      concurrent-ruby (~> 1.0, >= 1.0.2)
      i18n (>= 0.7, < 2)
      minitest (~> 5.1)
      tzinfo (~> 1.1)
    args_parser (0.2.0)
    aws-sdk (2.2.30)
      aws-sdk-resources (= 2.2.30)
    aws-sdk-core (2.2.30)
      jmespath (~> 1.0)
    aws-sdk-resources (2.2.30)
      aws-sdk-core (= 2.2.30)
    backports (3.11.4)
    concurrent-ruby (1.1.2)
    dnssd (3.0.1)
    hashie (3.4.3)
    httparty (0.13.7)
      json (~> 1.8)
      multi_xml (>= 0.5.2)
    i18n (1.1.1)
      concurrent-ruby (~> 1.0)
    irkit (0.1.0)
      args_parser
      dnssd
      hashie
      httparty
      json
    jmespath (1.1.3)
    json (1.8.3)
    kgio (2.11.2)
    logger (1.2.8)
    minitest (5.11.3)
    multi_json (1.13.1)
    multi_xml (0.5.5)
    mustermann (1.0.3)
    rack (2.0.6)
    rack-protection (2.0.4)
      rack
    raindrops (0.19.0)
    sinatra (2.0.4)
      mustermann (~> 1.0)
      rack (~> 2.0)
      rack-protection (= 2.0.4)
      tilt (~> 2.0)
    sinatra-contrib (2.0.4)
      activesupport (>= 4.0.0)
      backports (>= 2.8.2)
      multi_json
      mustermann (~> 1.0)
      rack-protection (= 2.0.4)
      sinatra (= 2.0.4)
      tilt (>= 1.3, < 3)
    slim (3.0.6)
      temple (~> 0.7.3)
      tilt (>= 1.3.3, < 2.1)
    temple (0.7.6)
    thread_safe (0.3.6)
    tilt (2.0.8)
    tmp_cache (0.1.1)
    tzinfo (1.2.5)
      thread_safe (~> 0.1)
    unicorn (5.4.1)
      kgio (~> 2.6)
      raindrops (~> 0.7)

PLATFORMS
  ruby

DEPENDENCIES
  aws-sdk
  aws-sdk-core
  irkit
  logger
  sinatra (>= 1.4.6)
  sinatra-contrib (>= 1.4.6)
  slim
  tmp_cache
  unicorn (>= 5.0.1)

BUNDLED WITH
   1.16.6
